PATH
  remote: .
  specs:
    jekyll_html_truncatewords (0.1.3)
      liquid
      nokogiri

GEM
  remote: https://rubygems.org/
  specs:
    diff-lcs (1.4.4)
    liquid (5.0.0)
    mini_portile2 (2.5.0)
    nokogiri (1.11.1)
      mini_portile2 (~> 2.5.0)
      racc (~> 1.4)
    racc (1.5.2)
    rake (12.3.3)
    rspec (3.10.0)
      rspec-core (~> 3.10.0)
      rspec-expectations (~> 3.10.0)
      rspec-mocks (~> 3.10.0)
    rspec-core (3.10.1)
      rspec-support (~> 3.10.0)
    rspec-expectations (3.10.1)
      diff-lcs (>= 1.2.0, < 2.0)
      rspec-support (~> 3.10.0)
    rspec-mocks (3.10.1)
      diff-lcs (>= 1.2.0, < 2.0)
      rspec-support (~> 3.10.0)
    rspec-support (3.10.1)

PLATFORMS
  ruby

DEPENDENCIES
  jekyll_html_truncatewords!
  rake (~> 12.0)
  rspec (~> 3.0)

BUNDLED WITH
   2.1.4
